{
    "TaskName": "OcularLDT",
    "Manufacturer": "KIT/Yokogawa",
    "PowerLineFrequency": 50,
    "SamplingFrequency": 1000.0,
    "SoftwareFilters": "n/a",
    "RecordingDuration": 1593.999,
    "RecordingType": "continuous",
    "DewarPosition": "n/a",
    "DigitizedLandmarks": false,
    "DigitizedHeadPoints": false,
    "MEGChannelCount": 208,
    "MEGREFChannelCount": 16,
    "EEGChannelCount": 0,
    "EOGChannelCount": 0,
    "ECGChannelCount": 0,
    "EMGChannelCount": 0,
    "MiscChannelCount": 32,
    "TriggerChannelCount": 1
}
